GEM
  remote: https://rubygems.org/
  specs:
    chronos (0.1.0)
    chronos-api (0.0.1)
      httparty (~> 0.11.0)
      json
      terminal-table (~> 1.4.3)
      trollop (~> 2.0.0)
    et-orbi (1.1.0)
      tzinfo
    httparty (0.11.0)
      multi_json (~> 1.0)
      multi_xml (>= 0.5.2)
    json (2.1.0)
    multi_json (1.13.1)
    multi_xml (0.6.0)
    mustermann (1.0.2)
    rack (2.0.4)
    rack-protection (2.0.1)
      rack
    rufus-scheduler (3.4.2)
      et-orbi (~> 1.0)
    sinatra (2.0.1)
      mustermann (~> 1.0)
      rack (~> 2.0)
      rack-protection (= 2.0.1)
      tilt (~> 2.0)
    terminal-table (1.4.5)
    thread_safe (0.3.6)
    tilt (2.0.8)
    trollop (2.0)
    tzinfo (1.2.5)
      thread_safe (~> 0.1)
    tzinfo-data (1.2018.4)
      tzinfo (>= 1.0.0)

PLATFORMS
  x86-mingw32

DEPENDENCIES
  chronos
  chronos-api
  rufus-scheduler
  sinatra
  tzinfo-data

BUNDLED WITH
   1.16.1
